GEM
  remote: https://rubygems.org/
  specs:
    concurrent-ruby (1.1.3)
    haml (4.0.7)
      tilt
    hanami-router (1.3.0)
      hanami-utils (~> 1.3)
      http_router (= 0.11.2)
      rack (~> 2.0)
    hanami-utils (1.3.0)
      concurrent-ruby (~> 1.0)
      transproc (~> 1.0)
    http_router (0.11.2)
      rack (>= 1.0.0)
      url_mount (~> 0.2.1)
    kgio (2.11.2)
    oj (3.7.4)
    rack (2.0.6)
    raindrops (0.19.0)
    sequel (5.14.0)
    sqlite3 (1.3.13)
    tilt (2.0.8)
    transproc (1.0.2)
    unicorn (5.4.0)
      kgio (~> 2.6)
      raindrops (~> 0.7)
    url_mount (0.2.1)
      rack

PLATFORMS
  ruby

DEPENDENCIES
  haml
  hanami-router (~> 1.3)
  oj
  sequel (~> 5.14)
  sqlite3 (~> 1.3)
  unicorn

RUBY VERSION
   ruby 2.3.1p112

BUNDLED WITH
   1.13.6
